GEM
  remote: https://rubygems.org/
  specs:
    netaddr (2.0.4)
    sqlite3 (1.4.2)

PLATFORMS
  ruby

DEPENDENCIES
  netaddr
  sqlite3

BUNDLED WITH
   2.1.4
